GEM
  remote: https://rubygems.org/
  specs:
    linked-list (0.0.16)

PLATFORMS
  x64-mingw-ucrt

DEPENDENCIES
  linked-list (~> 0.0.9)

RUBY VERSION
   ruby 3.2.2p53

BUNDLED WITH
   2.4.10
